GEM
  remote: https://rubygems.org/
  specs:
    mysql2 (0.5.6)
    rack (2.2.10)

PLATFORMS
  aarch64-linux
  ruby

DEPENDENCIES
  mysql2 (~> 0.5)
  rack (~> 2.2)

BUNDLED WITH
   2.5.22
