GEM
  remote: https://rubygems.org/
  specs:
    bigdecimal (3.1.9)
    mysql2 (0.5.6)
    nio4r (2.7.4)
    puma (6.5.0)
      nio4r (~> 2.0)
    rack (2.2.10)

PLATFORMS
  aarch64-linux
  ruby

DEPENDENCIES
  bigdecimal (~> 3.1)
  mysql2 (~> 0.5)
  puma (~> 6.0)
  rack (~> 2.2)

BUNDLED WITH
   2.5.22
